GIT
  remote: https://github.com/eventmachine/eventmachine.git
  revision: 1107730c338892c8281a14b6b2e0802f8d715fb4
  specs:
    eventmachine (1.0.0.beta.4)

GIT
  remote: https://github.com/igrigorik/em-http-request.git
  revision: 1b4e646c65ad33b9a04e18f6bc0fa0c2e54e81f2
  specs:
    em-http-request (1.0.0.beta.4)
      addressable (>= 2.2.3)
      em-socksify
      eventmachine (>= 1.0.0.beta.3)
      http_parser.rb (>= 0.5.1)

GIT
  remote: https://github.com/igrigorik/em-synchrony.git
  revision: 81af523ebad26a6cff2eb2842a4a1691c0c49374
  specs:
    em-synchrony (0.3.0.beta.1)
      eventmachine (>= 1.0.0.beta.1)

GIT
  remote: https://github.com/postrank-labs/goliath.git
  revision: 7295f1766d43f23411176bbb3fdd265e13e3d7c7
  branch: new_aroundware
  specs:
    goliath (0.9.2)
      async-rack
      em-synchrony (>= 0.3.0.beta.1)
      eventmachine (>= 1.0.0.beta.3)
      http_parser.rb
      http_router (~> 0.9.0)
      log4r
      multi_json
      rack (>= 1.2.2)
      rack-contrib
      rack-respond_to

GEM
  remote: http://rubygems.org/
  specs:
    addressable (2.2.6)
    async-rack (0.5.1)
      rack (~> 1.1)
    configliere (0.4.7)
      json
    diff-lcs (1.1.2)
    domainatrix (0.0.10)
      addressable
    em-socksify (0.1.0)
      eventmachine
    git (1.2.5)
    gorillib (0.1.4)
    http_parser.rb (0.5.1)
    http_router (0.9.5)
      rack (>= 1.0.0)
      url_mount (~> 0.2.1)
    jeweler (1.5.2)
      bundler (~> 1.0.0)
      git (>= 1.2.5)
      rake
    json (1.5.3)
    log4r (1.1.9)
    multi_json (1.0.3)
    nokogiri (1.5.0)
    postrank-uri (1.0.15)
      addressable (>= 2.2.3)
      domainatrix
      nokogiri
    rack (1.3.2)
    rack-accept-media-types (0.9)
    rack-contrib (1.1.0)
      rack (>= 0.9.1)
    rack-respond_to (0.9.8)
      rack-accept-media-types (>= 0.6)
    rake (0.9.2)
    rcov (0.9.9)
    rspec (2.5.0)
      rspec-core (~> 2.5.0)
      rspec-expectations (~> 2.5.0)
      rspec-mocks (~> 2.5.0)
    rspec-core (2.5.2)
    rspec-expectations (2.5.0)
      diff-lcs (~> 1.1.2)
    rspec-mocks (2.5.0)
    spork (0.9.0.rc9)
    url_mount (0.2.1)
      rack
    watchr (0.7)
    yajl-ruby (0.8.2)
    yard (0.6.8)

PLATFORMS
  ruby

DEPENDENCIES
  bundler (~> 1.0.12)
  configliere (~> 0.4.7)
  em-http-request!
  em-synchrony!
  eventmachine!
  goliath!
  gorillib (~> 0.1.1)
  jeweler (~> 1.5.2)
  postrank-uri (~> 1.0.9)
  rcov (>= 0.9.9)
  rspec (~> 2.5.0)
  spork (~> 0.9.0.rc5)
  watchr
  yajl-ruby (~> 0.8.2)
  yard (~> 0.6.7)
